RESTRICTION: || (== net6.0) (== net7.0)
NUGET
  remote: https://api.nuget.org/v3/index.json
    Expecto (10.0)
      FSharp.Core (7.0.200)
      Mono.Cecil (>= 0.11.4 < 1.0)
    fsharp.compiler.service (43.7.200)
      FSharp.Core (7.0.200)
      System.Buffers (>= 4.5.1)
      System.Collections.Immutable (>= 6.0)
      System.Diagnostics.DiagnosticSource (>= 6.0)
      System.Memory (>= 4.5.5)
      System.Reflection.Emit (>= 4.7)
      System.Reflection.Metadata (>= 6.0)
      System.Runtime.CompilerServices.Unsafe (>= 6.0)
    FSharp.Core (7.0.200)
    Ionide.ProjInfo (0.61.3)
      FSharp.Core (>= 6.0.5)
      Ionide.ProjInfo.Sln (>= 0.61.3)
      Microsoft.Build (>= 17.2)
      Microsoft.Build.Framework (>= 17.2)
      SemanticVersioning (>= 2.0.2)
    Ionide.ProjInfo.Sln (0.61.3)
    Microsoft.Build (17.6.3)
      Microsoft.Build.Framework (>= 17.6.3) - restriction: || (&& (== net6.0) (>= net472)) (&& (== net6.0) (>= net7.0)) (== net7.0)
      Microsoft.NET.StringTools (>= 17.6.3) - restriction: || (&& (== net6.0) (>= net472)) (&& (== net6.0) (>= net7.0)) (== net7.0)
      System.Collections.Immutable (>= 7.0) - restriction: || (&& (== net6.0) (>= net472)) (&& (== net6.0) (>= net7.0)) (== net7.0)
      System.Configuration.ConfigurationManager (>= 7.0) - restriction: || (&& (== net6.0) (>= net472)) (&& (== net6.0) (>= net7.0)) (== net7.0)
      System.Reflection.Metadata (>= 7.0) - restriction: || (&& (== net6.0) (>= net472)) (&& (== net6.0) (>= net7.0)) (== net7.0)
      System.Reflection.MetadataLoadContext (>= 7.0) - restriction: || (&& (== net6.0) (>= net472)) (&& (== net6.0) (>= net7.0)) (== net7.0)
      System.Security.Permissions (>= 7.0) - restriction: || (&& (== net6.0) (>= net472)) (&& (== net6.0) (>= net7.0)) (== net7.0)
      System.Security.Principal.Windows (>= 5.0) - restriction: || (&& (== net6.0) (>= net472)) (&& (== net6.0) (>= net7.0)) (== net7.0)
      System.Text.Encoding.CodePages (>= 7.0) - restriction: || (&& (== net6.0) (>= net7.0)) (== net7.0)
      System.Text.Json (>= 7.0) - restriction: || (&& (== net6.0) (>= net472)) (&& (== net6.0) (>= net7.0)) (== net7.0)
      System.Threading.Tasks.Dataflow (>= 7.0) - restriction: || (&& (== net6.0) (>= net472)) (&& (== net6.0) (>= net7.0)) (== net7.0)
    Microsoft.Build.Framework (17.6.3)
      Microsoft.Win32.Registry (>= 5.0) - restriction: == net6.0
      System.Security.Permissions (>= 7.0)
      System.Security.Principal.Windows (>= 5.0) - restriction: == net6.0
    Microsoft.NET.StringTools (17.6.3) - restriction: || (&& (== net6.0) (>= net472)) (&& (== net6.0) (>= net7.0)) (== net7.0)
    Microsoft.Win32.Registry (5.0) - restriction: == net6.0
      System.Security.AccessControl (>= 5.0)
      System.Security.Principal.Windows (>= 5.0)
    Microsoft.Win32.SystemEvents (7.0)
    Mono.Cecil (0.11.5)
    NFluent (3.0.0.351)
    NuGet.Frameworks (6.6)
    SemanticVersioning (2.0.2)
    System.Buffers (4.5.1)
    System.Collections.Immutable (7.0)
      System.Runtime.CompilerServices.Unsafe (>= 6.0) - restriction: || (== net6.0) (&& (== net7.0) (>= net462)) (&& (== net7.0) (< net6.0))
    System.Configuration.ConfigurationManager (7.0) - restriction: || (&& (== net6.0) (>= net472)) (&& (== net6.0) (>= net7.0)) (== net7.0)
      System.Diagnostics.EventLog (>= 7.0) - restriction: || (&& (== net6.0) (>= net7.0)) (== net7.0)
      System.Security.Cryptography.ProtectedData (>= 7.0)
      System.Security.Permissions (>= 7.0)
    System.Diagnostics.DiagnosticSource (7.0.2)
      System.Runtime.CompilerServices.Unsafe (>= 6.0) - restriction: || (== net6.0) (&& (== net7.0) (>= net462)) (&& (== net7.0) (< net6.0))
    System.Diagnostics.EventLog (7.0) - restriction: || (&& (== net6.0) (>= net7.0)) (== net7.0)
    System.Drawing.Common (7.0)
      Microsoft.Win32.SystemEvents (>= 7.0)
    System.Memory (4.5.5)
    System.Reflection.Emit (4.7)
    System.Reflection.Metadata (7.0.1)
      System.Collections.Immutable (>= 7.0)
    System.Reflection.MetadataLoadContext (7.0) - restriction: || (&& (== net6.0) (>= net472)) (&& (== net6.0) (>= net7.0)) (== net7.0)
      System.Collections.Immutable (>= 7.0)
      System.Reflection.Metadata (>= 7.0)
    System.Runtime.CompilerServices.Unsafe (6.0)
    System.Security.AccessControl (6.0) - restriction: == net6.0
    System.Security.Cryptography.ProtectedData (7.0.1) - restriction: || (&& (== net6.0) (>= net472)) (&& (== net6.0) (>= net7.0)) (== net7.0)
    System.Security.Permissions (7.0)
      System.Windows.Extensions (>= 7.0)
    System.Security.Principal.Windows (5.0)
    System.Text.Encoding.CodePages (7.0) - restriction: || (&& (== net6.0) (>= net7.0)) (== net7.0)
    System.Text.Encodings.Web (7.0) - restriction: || (&& (== net6.0) (>= net472)) (&& (== net6.0) (>= net7.0)) (== net7.0)
    System.Text.Json (7.0.2) - restriction: || (&& (== net6.0) (>= net472)) (&& (== net6.0) (>= net7.0)) (== net7.0)
      System.Text.Encodings.Web (>= 7.0)
    System.Threading.Tasks.Dataflow (7.0) - restriction: || (&& (== net6.0) (>= net472)) (&& (== net6.0) (>= net7.0)) (== net7.0)
    System.Windows.Extensions (7.0)
      System.Drawing.Common (>= 7.0)
    Unquote (6.1)
      FSharp.Core (>= 4.7.2)
